PATH
  remote: .
  specs:
    bean_sprout (0.0.5)
      rake (~> 10.4, >= 10.4.0)

GEM
  remote: https://rubygems.org/
  specs:
    minitest (5.8.3)
    rake (10.5.0)

PLATFORMS
  ruby

DEPENDENCIES
  bean_sprout!
  minitest (~> 5.8, >= 5.8.1)

BUNDLED WITH
   1.10.6
