PATH
  remote: .
  specs:
    bean_sprout (0.0.8)
      rake (~> 12, >= 12.3.0)

GEM
  remote: https://rubygems.org/
  specs:
    minitest (5.11.3)
    rake (12.3.2)

PLATFORMS
  ruby

DEPENDENCIES
  bean_sprout!
  minitest (~> 5.8, >= 5.8.1)

BUNDLED WITH
   2.0.1
